PATH
  remote: .
  specs:
    fawn (0.1.0)
      rack (~> 2.0)

GEM
  remote: https://rubygems.org/
  specs:
    rack (2.2.2)

PLATFORMS
  ruby

DEPENDENCIES
  fawn!

BUNDLED WITH
   2.1.2
